GIT
  remote: git://github.com/bensomers/improved-rack-throttle.git
  revision: ec67c2f127aa74eb5ce2bdc727499c50d783d1a9
  specs:
    improved-rack-throttle (0.7.0)
      rack (>= 1.0.0)

PATH
  remote: .
  specs:
    pincode (0.1)
      activerecord
      json
      rack-throttle
      sinatra
      sinatra-activerecord

GEM
  remote: http://rubygems.org/
  specs:
    activemodel (3.2.8)
      activesupport (= 3.2.8)
      builder (~> 3.0.0)
    activerecord (3.2.8)
      activemodel (= 3.2.8)
      activesupport (= 3.2.8)
      arel (~> 3.0.2)
      tzinfo (~> 0.3.29)
    activesupport (3.2.8)
      i18n (~> 0.6)
      multi_json (~> 1.0)
    arel (3.0.2)
    builder (3.0.3)
    i18n (0.6.1)
    json (1.7.5)
    json_pure (1.7.5)
    multi_json (1.3.6)
    mysql2 (0.3.11)
    rack (1.4.1)
    rack-protection (1.2.0)
      rack
    rack-throttle (0.3.0)
      rack (>= 1.0.0)
    sinatra (1.3.3)
      rack (~> 1.3, >= 1.3.6)
      rack-protection (~> 1.2)
      tilt (~> 1.3, >= 1.3.3)
    sinatra-activerecord (1.1.1)
      activerecord (~> 3.0)
      sinatra (~> 1.0)
    sinatra-jsonp (0.3.2)
      json_pure (~> 1.4)
      sinatra (~> 1.0)
    tilt (1.3.3)
    tzinfo (0.3.33)

PLATFORMS
  ruby

DEPENDENCIES
  activerecord
  improved-rack-throttle!
  json
  mysql2
  pincode!
  sinatra
  sinatra-activerecord
  sinatra-jsonp
